PATH
  remote: .
  specs:
    elk (0.0.7)
      json_pure (~> 1.5.2)
      rest-client (~> 1.6.3)

GEM
  remote: http://rubygems.org/
  specs:
    addressable (2.2.6)
    crack (0.3.1)
    diff-lcs (1.1.3)
    json_pure (1.5.4)
      spruz (~> 0.2.8)
    mime-types (1.17.2)
    rake (0.9.2.2)
    rest-client (1.6.7)
      mime-types (>= 1.16)
    rspec (2.6.0)
      rspec-core (~> 2.6.0)
      rspec-expectations (~> 2.6.0)
      rspec-mocks (~> 2.6.0)
    rspec-core (2.6.4)
    rspec-expectations (2.6.0)
      diff-lcs (~> 1.1.2)
    rspec-mocks (2.6.0)
    spruz (0.2.13)
    webmock (1.6.4)
      addressable (~> 2.2, > 2.2.5)
      crack (>= 0.1.7)

PLATFORMS
  ruby

DEPENDENCIES
  elk!
  rake (~> 0.9.2)
  rspec (~> 2.6.0)
  webmock (~> 1.6.4)
