PATH
  remote: .
  specs:
    elk (0.0.9)
      multi_json (~> 1.5.0)
      rest-client (~> 1.6.3)

GEM
  remote: https://rubygems.org/
  specs:
    addressable (2.3.3)
    crack (0.3.2)
    diff-lcs (1.1.3)
    mime-types (1.22)
    multi_json (1.5.1)
    rake (0.9.2.2)
    rest-client (1.6.7)
      mime-types (>= 1.16)
    rspec (2.6.0)
      rspec-core (~> 2.6.0)
      rspec-expectations (~> 2.6.0)
      rspec-mocks (~> 2.6.0)
    rspec-core (2.6.4)
    rspec-expectations (2.6.0)
      diff-lcs (~> 1.1.2)
    rspec-mocks (2.6.0)
    webmock (1.11.0)
      addressable (>= 2.2.7)
      crack (>= 0.3.2)

PLATFORMS
  ruby

DEPENDENCIES
  elk!
  rake (~> 0.9.2)
  rspec (~> 2.6.0)
  webmock (~> 1.11.0)
